GEM
  remote: https://rubygems.org/
  specs:
    puma (3.12.0)

PLATFORMS
  ruby

DEPENDENCIES
  puma

BUNDLED WITH
   1.17.1
